GEM
  remote: https://rubygems.org/
  specs:
    puma (3.10.0)
    puma (3.10.0-java)
    rack (2.0.3)

PLATFORMS
  java
  ruby

DEPENDENCIES
  puma
  rack

BUNDLED WITH
   1.15.1
